GEM
  remote: http://rubygems.org/
  specs:
    chunky_png (1.2.5)
    compass (0.11.5)
      chunky_png (~> 1.2)
      fssm (>= 0.2.7)
      sass (~> 3.1)
    fssm (0.2.7)
    haml (3.1.4)
    rack (1.3.5)
    rack-protection (1.1.4)
      rack
    rdiscount (1.6.8)
    sass (3.1.12)
    sinatra (1.3.1)
      rack (~> 1.3, >= 1.3.4)
      rack-protection (~> 1.1, >= 1.1.2)
      tilt (~> 1.3, >= 1.3.3)
    tilt (1.3.3)

PLATFORMS
  ruby

DEPENDENCIES
  compass
  haml
  rack
  rdiscount
  sass
  sinatra
